GIT
  remote: https://github.com/buddhist-uni/jekyll-feed.git
  revision: 2bab1a9f248f799c5e6ddef3486f1e7c00e6e91b
  branch: collection-tags
  specs:
    jekyll-feed (0.16.0)
      jekyll (>= 3.7, < 5.0)

GIT
  remote: https://github.com/buddhist-uni/jekyll-last-modified-at.git
  revision: f6fa6213d83920c0b820fc8e62fae67259a111d7
  branch: post-date
  specs:
    jekyll-last-modified-at (1.3.0)
      jekyll (>= 3.7, < 5.0)
      posix-spawn (~> 0.3.9)

GIT
  remote: https://github.com/buddhist-uni/jekyll-seo-tag.git
  revision: 9d3cf620ed53cc2b0d0f5a6cefffed2aeb34289b
  ref: 9d3cf62
  specs:
    jekyll-seo-tag (2.7.1)
      jekyll (>= 3.8, < 5.0)

GEM
  remote: https://rubygems.org/
  specs:
    addressable (2.8.5)
      public_suffix (>= 2.0.2, < 6.0)
    coderay (1.1.3)
    colorator (1.1.0)
    concurrent-ruby (1.2.2)
    em-websocket (0.5.3)
      eventmachine (>= 0.12.9)
      http_parser.rb (~> 0)
    eventmachine (1.2.7)
    ffi (1.15.5)
    forwardable-extended (2.6.0)
    google-protobuf (3.24.2)
    http_parser.rb (0.8.0)
    i18n (1.14.1)
      concurrent-ruby (~> 1.0)
    jekyll (4.3.2)
      addressable (~> 2.4)
      colorator (~> 1.0)
      em-websocket (~> 0.5)
      i18n (~> 1.0)
      jekyll-sass-converter (>= 2.0, < 4.0)
      jekyll-watch (~> 2.0)
      kramdown (~> 2.3, >= 2.3.1)
      kramdown-parser-gfm (~> 1.0)
      liquid (~> 4.0)
      mercenary (>= 0.3.6, < 0.5)
      pathutil (~> 0.9)
      rouge (>= 3.0, < 5.0)
      safe_yaml (~> 1.0)
      terminal-table (>= 1.8, < 4.0)
      webrick (~> 1.7)
    jekyll-include-cache (0.2.1)
      jekyll (>= 3.7, < 5.0)
    jekyll-sass-converter (3.0.0)
      sass-embedded (~> 1.54)
    jekyll-sitemap (1.4.0)
      jekyll (>= 3.7, < 5.0)
    jekyll-watch (2.2.1)
      listen (~> 3.0)
    kramdown (2.4.0)
      rexml
    kramdown-parser-gfm (1.1.0)
      kramdown (~> 2.0)
    liquid (4.0.4)
    listen (3.8.0)
      rb-fsevent (~> 0.10, >= 0.10.3)
      rb-inotify (~> 0.9, >= 0.9.10)
    mercenary (0.4.0)
    method_source (1.0.0)
    pathutil (0.16.2)
      forwardable-extended (~> 2.6)
    posix-spawn (0.3.15)
    priority_queue_cxx (0.3.6)
    pry (0.14.2)
      coderay (~> 1.1)
      method_source (~> 1.0)
    public_suffix (5.0.3)
    rake (13.0.6)
    rb-fsevent (0.11.2)
    rb-inotify (0.10.1)
      ffi (~> 1.0)
    rexml (3.2.6)
    rouge (4.1.3)
    safe_yaml (1.0.5)
    sass-embedded (1.66.1)
      google-protobuf (~> 3.23)
      rake (>= 13.0.0)
    terminal-table (3.0.2)
      unicode-display_width (>= 1.1.1, < 3)
    unicode-display_width (2.4.2)
    webrick (1.8.1)

PLATFORMS
  ruby

DEPENDENCIES
  jekyll (~> 4.3)
  jekyll-feed!
  jekyll-include-cache
  jekyll-last-modified-at!
  jekyll-sass-converter (>= 3.0, < 4.0)
  jekyll-seo-tag!
  jekyll-sitemap (~> 1.4.0)
  priority_queue_cxx (~> 0.3.4)
  pry
  tzinfo-data
  webrick (~> 1.7)

BUNDLED WITH
   2.4.10
