GIT
  remote: https://github.com/buddhist-uni/jekyll-feed.git
  revision: 2bab1a9f248f799c5e6ddef3486f1e7c00e6e91b
  branch: collection-tags
  specs:
    jekyll-feed (0.16.0)
      jekyll (>= 3.7, < 5.0)

GIT
  remote: https://github.com/buddhist-uni/jekyll-last-modified-at.git
  revision: f6fa6213d83920c0b820fc8e62fae67259a111d7
  branch: post-date
  specs:
    jekyll-last-modified-at (1.3.0)
      jekyll (>= 3.7, < 5.0)
      posix-spawn (~> 0.3.9)

GIT
  remote: https://github.com/buddhist-uni/jekyll-seo-tag.git
  revision: ccdde8891a22676ee900d2e5963ba54aa26b186f
  ref: ccdde88
  specs:
    jekyll-seo-tag (2.7.1)
      jekyll (>= 3.8, < 5.0)

GEM
  remote: https://rubygems.org/
  specs:
    addressable (2.8.7)
      public_suffix (>= 2.0.2, < 7.0)
    base64 (0.3.0)
    bigdecimal (3.3.1)
    coderay (1.1.3)
    colorator (1.1.0)
    concurrent-ruby (1.3.5)
    csv (3.3.5)
    em-websocket (0.5.3)
      eventmachine (>= 0.12.9)
      http_parser.rb (~> 0)
    eventmachine (1.2.7)
    ffi (1.17.2)
    forwardable-extended (2.6.0)
    google-protobuf (4.33.0)
      bigdecimal
      rake (>= 13)
    http_parser.rb (0.8.0)
    i18n (1.14.7)
      concurrent-ruby (~> 1.0)
    jekyll (4.4.1)
      addressable (~> 2.4)
      base64 (~> 0.2)
      colorator (~> 1.0)
      csv (~> 3.0)
      em-websocket (~> 0.5)
      i18n (~> 1.0)
      jekyll-sass-converter (>= 2.0, < 4.0)
      jekyll-watch (~> 2.0)
      json (~> 2.6)
      kramdown (~> 2.3, >= 2.3.1)
      kramdown-parser-gfm (~> 1.0)
      liquid (~> 4.0)
      mercenary (~> 0.3, >= 0.3.6)
      pathutil (~> 0.9)
      rouge (>= 3.0, < 5.0)
      safe_yaml (~> 1.0)
      terminal-table (>= 1.8, < 4.0)
      webrick (~> 1.7)
    jekyll-include-cache (0.2.1)
      jekyll (>= 3.7, < 5.0)
    jekyll-sass-converter (3.1.0)
      sass-embedded (~> 1.75)
    jekyll-sitemap (1.4.0)
      jekyll (>= 3.7, < 5.0)
    jekyll-watch (2.2.1)
      listen (~> 3.0)
    json (2.15.1)
    kramdown (2.5.1)
      rexml (>= 3.3.9)
    kramdown-parser-gfm (1.1.0)
      kramdown (~> 2.0)
    liquid (4.0.4)
    listen (3.9.0)
      rb-fsevent (~> 0.10, >= 0.10.3)
      rb-inotify (~> 0.9, >= 0.9.10)
    mercenary (0.4.0)
    method_source (1.1.0)
    pathutil (0.16.2)
      forwardable-extended (~> 2.6)
    posix-spawn (0.3.15)
    priority_queue_cxx (0.3.7)
    pry (0.15.2)
      coderay (~> 1.1)
      method_source (~> 1.0)
    public_suffix (6.0.2)
    rake (13.3.0)
    rb-fsevent (0.11.2)
    rb-inotify (0.11.1)
      ffi (~> 1.0)
    rexml (3.4.4)
    rouge (4.6.1)
    safe_yaml (1.0.5)
    sass-embedded (1.93.2)
      google-protobuf (~> 4.31)
      rake (>= 13)
    terminal-table (3.0.2)
      unicode-display_width (>= 1.1.1, < 3)
    unicode-display_width (2.6.0)
    webrick (1.9.1)

PLATFORMS
  ruby

DEPENDENCIES
  jekyll (~> 4.3)
  jekyll-feed!
  jekyll-include-cache
  jekyll-last-modified-at!
  jekyll-sass-converter (>= 3.0, < 4.0)
  jekyll-seo-tag!
  jekyll-sitemap (~> 1.4.0)
  priority_queue_cxx (~> 0.3.4)
  pry
  tzinfo-data
  webrick (~> 1.7)

BUNDLED WITH
   2.4.10
